GEM
  remote: https://rubygems.org/
  specs:
    amazon-ecs (2.5.0)
      nokogiri (~> 1.4)
      ruby-hmac (~> 0.3)
    mini_portile2 (2.3.0)
    nokogiri (1.8.1-x86-mingw32)
      mini_portile2 (~> 2.3.0)
    rack (1.6.8)
    rack-protection (1.5.3)
      rack
    ruby-hmac (0.4.0)
    sinatra (1.4.8)
      rack (~> 1.5)
      rack-protection (~> 1.4)
      tilt (>= 1.3, < 3)
    tilt (2.0.8)

PLATFORMS
  x86-mingw32

DEPENDENCIES
  amazon-ecs (~> 2.5)
  nokogiri
  sinatra (~> 1.4.0)

BUNDLED WITH
   1.16.1
